GEM
  remote: https://rubygems.org/
  specs:
    activemodel (4.2.1)
      activesupport (= 4.2.1)
      builder (~> 3.1)
    activerecord (4.2.1)
      activemodel (= 4.2.1)
      activesupport (= 4.2.1)
      arel (~> 6.0)
    activesupport (4.2.1)
      i18n (~> 0.7)
      json (~> 1.7, >= 1.7.7)
      minitest (~> 5.1)
      thread_safe (~> 0.3, >= 0.3.4)
      tzinfo (~> 1.1)
    arel (6.0.0)
    builder (3.2.2)
    diff-lcs (1.2.5)
    faker (1.4.3)
      i18n (~> 0.5)
    hoe (3.13.0)
      rake (>= 0.8, < 11.0)
    i18n (0.7.0)
    json (1.8.3)
    minitest (5.7.0)
    pg (0.18.1)
    pg (0.18.1-x64-mingw32)
    puma (2.11.3)
      rack (>= 1.1, < 2.0)
    rack (1.6.0)
    rack-env (0.1.3)
    rack-protection (1.5.3)
      rack
    rack-test (0.6.3)
      rack (>= 1.0)
    rake (10.4.2)
    rake-compiler (0.8.0)
      rake
    rdoc (4.0.0)
    rspec (3.2.0)
      rspec-core (~> 3.2.0)
      rspec-expectations (~> 3.2.0)
      rspec-mocks (~> 3.2.0)
    rspec-core (3.2.3)
      rspec-support (~> 3.2.0)
    rspec-expectations (3.2.1)
      diff-lcs (>= 1.2.0, < 2.0)
      rspec-support (~> 3.2.0)
    rspec-mocks (3.2.1)
      diff-lcs (>= 1.2.0, < 2.0)
      rspec-support (~> 3.2.0)
    rspec-support (3.2.2)
    sinatra (1.4.5)
      rack (~> 1.4)
      rack-protection (~> 1.4)
      tilt (~> 1.3, >= 1.3.4)
    sinatra-activerecord (2.0.5)
      activerecord (>= 3.2)
      sinatra (~> 1.0)
    thread_safe (0.3.5)
    tilt (1.4.1)
    tzinfo (1.2.2)
      thread_safe (~> 0.1)

PLATFORMS
  ruby
  x64-mingw32

DEPENDENCIES
  activemodel (= 4.2.1)
  activerecord (= 4.2.1)
  activesupport (= 4.2.1)
  arel (= 6.0)
  faker (= 1.4.3)
  hoe (= 3.13)
  pg (= 0.18.1)
  puma (= 2.11.3)
  rack (= 1.6.0)
  rack-env (= 0.1.3)
  rack-test (= 0.6.3)
  rake (= 10.4.2)
  rake-compiler (= 0.8)
  rdoc (= 4.0)
  rspec (= 3.2.0)
  sinatra (= 1.4.5)
  sinatra-activerecord (= 2.0.5)
